GEM
  remote: https://rubygems.org/
  specs:
    aruba (0.6.2)
      childprocess (>= 0.3.6)
      cucumber (>= 1.1.1)
      rspec-expectations (>= 2.7.0)
    builder (3.2.2)
    childprocess (0.5.6)
      ffi (~> 1.0, >= 1.0.11)
    cucumber (2.0.0)
      builder (>= 2.1.2)
      cucumber-core (~> 1.1.3)
      diff-lcs (>= 1.1.3)
      gherkin (~> 2.12)
      multi_json (>= 1.7.5, < 2.0)
      multi_test (>= 0.1.2)
    cucumber-core (1.1.3)
      gherkin (~> 2.12.0)
    diff-lcs (1.1.3)
    ffi (1.9.8)
    gherkin (2.12.2)
      multi_json (~> 1.3)
    guard (1.4.0)
      listen (>= 0.4.2)
      thor (>= 0.14.6)
    guard-jasmine-node (0.0.5)
      guard (>= 0.4)
    listen (0.5.3)
    multi_json (1.11.0)
    multi_test (0.1.2)
    rake (10.4.2)
    rspec-expectations (2.99.2)
      diff-lcs (>= 1.1.3, < 2.0)
    thor (0.16.0)

PLATFORMS
  ruby

DEPENDENCIES
  aruba (= 0.6.2)
  cucumber (= 2.0.0)
  guard-jasmine-node (= 0.0.5)
  rake (= 10.4.2)
